GEM
  remote: http://rubygems.org/
  specs:
    activerecord (2.3.14)
      activesupport (= 2.3.14)
    activesupport (2.3.14)
    git (1.2.5)
    jeweler (1.6.4)
      bundler (~> 1.0)
      git (>= 1.2.5)
      rake
    rake (0.9.2)
    rcov (0.9.10)
    rspec (1.3.0)

PLATFORMS
  ruby

DEPENDENCIES
  activerecord (~> 2.3.0)
  bundler (~> 1.0.0)
  jeweler (~> 1.6.4)
  rcov
  rspec (= 1.3.0)
